GEM
  remote: http://rubygems.org/
  specs:
    activemodel (3.0.7)
      activesupport (= 3.0.7)
      builder (~> 2.1.2)
      i18n (~> 0.5.0)
    activerecord (3.0.7)
      activemodel (= 3.0.7)
      activesupport (= 3.0.7)
      arel (~> 2.0.2)
      tzinfo (~> 0.3.23)
    activesupport (3.0.7)
    allison (2.0.3)
    arel (2.0.10)
    builder (2.1.2)
    cucumber (0.10.3)
      builder (>= 2.1.2)
      diff-lcs (>= 1.1.2)
      gherkin (>= 2.3.8)
      json (>= 1.4.6)
      term-ansicolor (>= 1.0.5)
    database_cleaner (0.6.7)
    diff-lcs (1.1.2)
    echoe (4.6.0)
      allison (>= 2.0.3)
      gemcutter (>= 0.7.0)
      rake (>= 0.9.0)
      rdoc (>= 3.6.1)
      rubyforge (>= 2.0.4)
    faker (0.9.5)
      i18n (~> 0.4)
    gemcutter (0.7.0)
    gherkin (2.3.10)
      json (>= 1.4.6)
    i18n (0.5.0)
    json (1.5.1)
    json_pure (1.5.1)
    rake (0.9.0)
    rdoc (3.6.1)
    rspec (2.6.0)
      rspec-core (~> 2.6.0)
      rspec-expectations (~> 2.6.0)
      rspec-mocks (~> 2.6.0)
    rspec-core (2.6.3)
    rspec-expectations (2.6.0)
      diff-lcs (~> 1.1.2)
    rspec-mocks (2.6.0)
    rubyforge (2.0.4)
      json_pure (>= 1.1.7)
    sqlite3 (1.3.3)
    sqlite3-ruby (1.3.3)
      sqlite3 (>= 1.3.3)
    term-ansicolor (1.0.5)
    tzinfo (0.3.27)

PLATFORMS
  ruby

DEPENDENCIES
  activerecord
  cucumber
  database_cleaner
  echoe
  faker
  rspec
  sqlite3-ruby
